GEM
  remote: http://rubygems.org/
  specs:
    activemodel (3.1.1)
      activesupport (= 3.1.1)
      builder (~> 3.0.0)
      i18n (~> 0.6)
    activerecord (3.1.1)
      activemodel (= 3.1.1)
      activesupport (= 3.1.1)
      arel (~> 2.2.1)
      tzinfo (~> 0.3.29)
    activesupport (3.1.1)
      multi_json (~> 1.0)
    arel (2.2.1)
    builder (3.0.0)
    dalli (1.1.2)
    haml (3.1.3)
    httparty (0.8.0)
      multi_json
      multi_xml
    i18n (0.6.0)
    log4r (1.1.9)
    multi_json (1.0.3)
    multi_xml (0.4.0)
    mysql (2.8.1)
    rack (1.3.2)
    rest-open-uri (1.0.0)
    sass (3.1.10)
    sinatra (1.1.0)
      rack (~> 1.1)
      tilt (~> 1.1)
    sinatra-activerecord (0.1.3)
      sinatra (>= 0.9.4)
    sinatra-content-for (0.2)
      sinatra
    sqlite3 (1.3.4)
    sqlite3-ruby (1.3.3)
      sqlite3 (>= 1.3.3)
    tilt (1.3.3)
    tzinfo (0.3.31)

PLATFORMS
  ruby

DEPENDENCIES
  activerecord
  dalli
  haml
  httparty
  log4r (~> 1.1.9)
  mysql
  rest-open-uri
  sass
  sinatra (= 1.1.0)
  sinatra-activerecord
  sinatra-content-for
  sqlite3-ruby
