GEM
  remote: http://rubygems.org/
  specs:
    dalli (1.1.2)
    httparty (0.8.0)
      multi_json
      multi_xml
    log4r (1.1.9)
    multi_json (1.0.3)
    multi_xml (0.4.0)
    mysql (2.8.1)
    rack (1.3.2)
    sinatra (1.1.0)
      rack (~> 1.1)
      tilt (~> 1.1)
    sinatra-content-for (0.2)
      sinatra
    tilt (1.3.3)

PLATFORMS
  ruby

DEPENDENCIES
  dalli
  httparty
  log4r (~> 1.1.9)
  mysql
  sinatra (= 1.1.0)
  sinatra-content-for
